PATH
  remote: .
  specs:
    invader_zim (0.1.0)

GEM
  remote: https://rubygems.org/
  specs:
    ascmaster (0.0.0)
    cli-colorize (2.0.0)
    coderay (1.1.2)
    method_source (0.9.2)
    mini_magick (4.9.3)
    mini_portile2 (2.4.0)
    nokogiri (1.10.2)
      mini_portile2 (~> 2.4.0)
    pry (0.12.2)
      coderay (~> 1.1.0)
      method_source (~> 0.9.0)
    rake (10.5.0)

PLATFORMS
  ruby

DEPENDENCIES
  ascmaster (~> 0.0.0)
  bundler (~> 2.0)
  cli-colorize (~> 2.0)
  invader_zim!
  mini_magick (~> 4.7)
  nokogiri
  pry
  rake (~> 10.0)

BUNDLED WITH
   2.0.1
