PATH
  remote: .
  specs:
    invader_zim (0.1.8)
      catpix_mini (~> 0.1.1)
      cli-colorize (~> 2.0)
      mini_magick (~> 4.7)
      nokogiri (>= 1.10.3, < 1.14.0)
      pry (~> 0.12.2)
      tco (~> 0.1.8)

GEM
  remote: https://rubygems.org/
  specs:
    catpix_mini (0.1.1)
      docopt (~> 0.5, >= 0.5.0)
      mini_magick (~> 4.7.0, >= 4.7.0)
      ruby-terminfo (~> 0.1, >= 0.1.1)
      tco (~> 0.1, >= 0.1.8)
    cli-colorize (2.0.0)
    coderay (1.1.2)
    docopt (0.6.1)
    method_source (0.9.2)
    mini_magick (4.7.2)
    mini_portile2 (2.8.0)
    nokogiri (1.13.9)
      mini_portile2 (~> 2.8.0)
      racc (~> 1.4)
    pry (0.12.2)
      coderay (~> 1.1.0)
      method_source (~> 0.9.0)
    racc (1.6.0)
    rake (13.0.1)
    ruby-terminfo (0.1.1)
    tco (0.1.8)

PLATFORMS
  ruby

DEPENDENCIES
  bundler (~> 2.0)
  invader_zim!
  rake (~> 13.0)

BUNDLED WITH
   2.0.1
